GEM
  remote: https://rubygems.org/
  specs:
    chordpro (0.0.1)
      parslet
    parslet (1.8.2)

PLATFORMS
  ruby

DEPENDENCIES
  chordpro

BUNDLED WITH
   1.17.2
